GEM
  remote: https://rubygems.org/
  specs:
    byebug (10.0.2)
    colored (1.2)
    mini_portile2 (2.3.0)
    minitest (5.11.3)
    nokogiri (1.8.5)
      mini_portile2 (~> 2.3.0)

PLATFORMS
  ruby

DEPENDENCIES
  byebug
  colored
  minitest
  nokogiri

BUNDLED WITH
   1.15.1
